PATH
  remote: .
  specs:
    currency_finance_ua (0.1.1)

GEM
  remote: https://rubygems.org/
  specs:
    rake (10.1.0)

PLATFORMS
  x86-mingw32

DEPENDENCIES
  bundler (~> 1.5)
  currency_finance_ua!
  rake
